GEM
  remote: https://rubygems.org/
  specs:
    docile (1.3.2)
    json (2.2.0)
    minitest (5.11.3)
    simplecov (0.16.1)
      docile (~> 1.1)
      json (>= 1.8, < 3)
      simplecov-html (~> 0.10.0)
    simplecov-html (0.10.2)

PLATFORMS
  ruby

DEPENDENCIES
  minitest (~> 5.11)
  simplecov (~> 0.16.1)

BUNDLED WITH
   1.17.3
